GEM
  remote: http://rubygems.org/
  specs:
    bson (1.1.4)
    bson_ext (1.1.4)
    daemons (1.1.0)
    eventmachine (0.12.10)
    haml (3.0.24)
    mongo (1.1.4)
      bson (>= 1.1.1)
    rack (1.2.1)
    sass (3.1.0.alpha.49)
    shotgun (0.8)
      rack (>= 1.0)
    sinatra (1.1.0)
      rack (~> 1.1)
      tilt (~> 1.1)
    thin (1.2.7)
      daemons (>= 1.0.9)
      eventmachine (>= 0.12.6)
      rack (>= 1.0.0)
    tilt (1.1)

PLATFORMS
  ruby

DEPENDENCIES
  bson_ext
  haml
  mongo
  sass
  shotgun
  sinatra
  thin
